GEM
  specs:
    sass (3.4.25)

PLATFORMS
  ruby

DEPENDENCIES
  sass (>= 3.4.0)

BUNDLED WITH
   1.14.6
